GEM
  remote: https://rubygems.org/
  specs:
    mini_portile (0.5.1)
    nokogiri (1.6.0)
      mini_portile (~> 0.5.0)
    test-unit (2.5.5)

PLATFORMS
  ruby

DEPENDENCIES
  nokogiri
  test-unit
